GEM
  remote: https://rubygems.org/
  specs:
    backports (3.11.4)
    haml (5.0.4)
      temple (>= 0.8.0)
      tilt
    multi_json (1.13.1)
    mustermann (1.0.3)
    puma (3.11.3)
    rack (2.0.6)
    rack-protection (2.0.5)
      rack
    redis (4.0.1)
    sinatra (2.0.5)
      mustermann (~> 1.0)
      rack (~> 2.0)
      rack-protection (= 2.0.5)
      tilt (~> 2.0)
    sinatra-contrib (2.0.5)
      backports (>= 2.8.2)
      multi_json
      mustermann (~> 1.0)
      rack-protection (= 2.0.5)
      sinatra (= 2.0.5)
      tilt (>= 1.3, < 3)
    temple (0.8.0)
    tilt (2.0.9)

PLATFORMS
  ruby

DEPENDENCIES
  haml
  puma
  redis
  sinatra
  sinatra-contrib

RUBY VERSION
   ruby 2.4.5p335

BUNDLED WITH
   1.17.3
